GEM
  remote: https://rubygems.org/
  specs:
    daemons (1.1.0)
    eventmachine (0.12.10)
    rack (1.2.1)
    rake (10.1.1)
    shotgun (0.8)
      rack (>= 1.0)
    sinatra (1.1.2)
      rack (~> 1.1)
      tilt (~> 1.2)
    thin (1.2.7)
      daemons (>= 1.0.9)
      eventmachine (>= 0.12.6)
      rack (>= 1.0.0)
    tilt (1.2.1)

PLATFORMS
  ruby

DEPENDENCIES
  rake
  shotgun
  sinatra (~> 1.0)
  thin
